GEM
  remote: https://rubygems.org/
  specs:
    activesupport (6.0.2.1)
      concurrent-ruby (~> 1.0, >= 1.0.2)
      i18n (>= 0.7, < 2)
      minitest (~> 5.1)
      tzinfo (~> 1.1)
      zeitwerk (~> 2.2)
    ast (2.4.0)
    builder (3.2.4)
    byebug (11.1.1)
    concurrent-ruby (1.1.5)
    diff-lcs (1.3)
    dry-auto_inject (0.7.0)
      dry-container (>= 0.3.4)
    dry-configurable (0.9.0)
      concurrent-ruby (~> 1.0)
      dry-core (~> 0.4, >= 0.4.7)
    dry-container (0.7.2)
      concurrent-ruby (~> 1.0)
      dry-configurable (~> 0.1, >= 0.1.3)
    dry-core (0.4.9)
      concurrent-ruby (~> 1.0)
    dry-equalizer (0.3.0)
    dry-inflector (0.2.0)
    dry-logic (1.0.5)
      concurrent-ruby (~> 1.0)
      dry-core (~> 0.2)
      dry-equalizer (~> 0.2)
    dry-struct (1.2.0)
      dry-core (~> 0.4, >= 0.4.3)
      dry-equalizer (~> 0.3)
      dry-types (~> 1.0)
      ice_nine (~> 0.11)
    dry-system (0.15.0)
      concurrent-ruby (~> 1.0)
      dry-auto_inject (>= 0.4.0)
      dry-configurable (~> 0.7)
      dry-container (~> 0.7, >= 0.7.2)
      dry-core (~> 0.3, >= 0.3.1)
      dry-equalizer (~> 0.2)
      dry-inflector (~> 0.1, >= 0.1.2)
      dry-struct (~> 1.0)
    dry-types (1.2.2)
      concurrent-ruby (~> 1.0)
      dry-container (~> 0.3)
      dry-core (~> 0.4, >= 0.4.4)
      dry-equalizer (~> 0.3)
      dry-inflector (~> 0.1, >= 0.1.2)
      dry-logic (~> 1.0, >= 1.0.2)
    grape (1.3.0)
      activesupport
      builder
      dry-types (>= 1.1)
      mustermann-grape (~> 1.0.0)
      rack (>= 1.3.0)
      rack-accept
    grape-swagger (1.0.0)
      grape (~> 1.3.0)
    i18n (1.8.2)
      concurrent-ruby (~> 1.0)
    ice_nine (0.11.2)
    io-console (0.5.5)
    irb (1.2.1)
      reline (>= 0.0.1)
    jaro_winkler (1.5.4)
    minitest (5.14.0)
    mustermann (1.1.1)
      ruby2_keywords (~> 0.0.1)
    mustermann-grape (1.0.1)
      mustermann (>= 1.0.0)
    parallel (1.19.1)
    parser (2.7.0.2)
      ast (~> 2.4.0)
    rack (2.2.6.2)
    rack-accept (0.4.5)
      rack (>= 0.4)
    rack-cors (1.1.1)
      rack (>= 2.0.0)
    rack-test (1.1.0)
      rack (>= 1.0, < 3)
    rainbow (3.0.0)
    reline (0.1.2)
      io-console (~> 0.5)
    rspec (3.9.0)
      rspec-core (~> 3.9.0)
      rspec-expectations (~> 3.9.0)
      rspec-mocks (~> 3.9.0)
    rspec-core (3.9.1)
      rspec-support (~> 3.9.1)
    rspec-expectations (3.9.0)
      diff-lcs (>= 1.2.0, < 2.0)
      rspec-support (~> 3.9.0)
    rspec-mocks (3.9.1)
      diff-lcs (>= 1.2.0, < 2.0)
      rspec-support (~> 3.9.0)
    rspec-support (3.9.2)
    rubocop (0.79.0)
      jaro_winkler (~> 1.5.1)
      parallel (~> 1.10)
      parser (>= 2.7.0.1)
      rainbow (>= 2.2.2, < 4.0)
      ruby-progressbar (~> 1.7)
      unicode-display_width (>= 1.4.0, < 1.7)
    rubocop-rspec (1.37.1)
      rubocop (>= 0.68.1)
    ruby-progressbar (1.10.1)
    ruby2_keywords (0.0.2)
    thread_safe (0.3.6)
    tzinfo (1.2.6)
      thread_safe (~> 0.1)
    unicode-display_width (1.6.1)
    zeitwerk (2.2.2)

PLATFORMS
  ruby

DEPENDENCIES
  byebug
  dry-system
  grape
  grape-swagger
  irb
  rack-cors
  rack-test
  rspec
  rubocop
  rubocop-rspec

BUNDLED WITH
   2.1.4
